PATH
  remote: /Users/mjelen/Projects/thick
  specs:
    thick (0.0.6-java)
      rack (= 1.5.2)

GEM
  remote: http://rubygems.org/
  specs:
    rack (1.5.2)
    rack-protection (1.5.2)
      rack
    sinatra (1.4.4)
      rack (~> 1.4)
      rack-protection (~> 1.4)
      tilt (~> 1.3, >= 1.3.4)
    tilt (1.4.1)

PLATFORMS
  java

DEPENDENCIES
  sinatra
  thick!
